GEM
  remote: https://rubygems.org/
  specs:
    actionmailer (2.3.9)
      actionpack (= 2.3.9)
    actionpack (2.3.9)
      activesupport (= 2.3.9)
      rack (~> 1.1.0)
    activerecord (2.3.9)
      activesupport (= 2.3.9)
    activerecord-mysql2-adapter (0.0.3)
      mysql2
    activerecord-postgresql-adapter (0.0.1)
      pg
    activeresource (2.3.9)
      activesupport (= 2.3.9)
    activesupport (2.3.9)
    ancestry (1.2.5)
      activerecord (>= 2.2.2)
    authlogic (2.1.6)
      activesupport
    capistrano (2.14.2)
      highline
      net-scp (>= 1.0.0)
      net-sftp (>= 2.0.0)
      net-ssh (>= 2.0.14)
      net-ssh-gateway (>= 1.1.0)
    daemons (1.0.10)
    database_cleaner (0.9.1)
    delayed_job (2.0.4)
      daemons
    diff-lcs (1.2.5)
    fastercsv (1.5.4)
    highline (1.6.21)
    hirb (0.3.3)
    hoe (3.14.2)
      rake (>= 0.8, < 11.0)
    mysql2 (0.3.17)
    net-scp (1.2.1)
      net-ssh (>= 2.6.5)
    net-sftp (2.1.2)
      net-ssh (>= 2.6.5)
    net-ssh (2.9.1)
    net-ssh-gateway (1.2.0)
      net-ssh (>= 2.6.5)
    paperclip (2.3.8)
      activerecord
      activesupport
    pg (0.17.1)
    rack (1.1.6)
    rails (2.3.9)
      actionmailer (= 2.3.9)
      actionpack (= 2.3.9)
      activerecord (= 2.3.9)
      activeresource (= 2.3.9)
      activesupport (= 2.3.9)
      rake (>= 0.8.3)
    rake (0.9.2.2)
    rdoc (6.3.1)
    rspec (1.3.1)
    rspec-rails (1.3.3)
      rack (>= 1.0.0)
      rspec (= 1.3.1)
    rvm-capistrano (1.2.7)
      capistrano (>= 2.0.0)
    sass (3.3.7)
    searchlogic (2.4.27)
      activerecord (>= 2.0.0)
    state_machine (0.9.4)
    test-unit (1.2.3)
      hoe (>= 1.5.1)
    tiny_tds (0.6.3.rc2)
    validation_reflection (0.3.8)
    vestal_versions (1.0.2)
      activerecord (>= 2.1.0)
    will_paginate (2.3.14)

PLATFORMS
  ruby

DEPENDENCIES
  activerecord-mysql2-adapter
  activerecord-postgresql-adapter
  activesupport (= 2.3.9)
  ancestry (= 1.2.5)
  authlogic (= 2.1.6)
  capistrano (= 2.14.2)
  daemons (= 1.0.10)
  database_cleaner (= 0.9.1)
  delayed_job (= 2.0.4)
  diff-lcs (= 1.2.5)
  fastercsv (= 1.5.4)
  hirb (= 0.3.3)
  mysql2 (= 0.3.17)
  paperclip (= 2.3.8)
  rails (= 2.3.9)
  rake (= 0.9.2.2)
  rdoc
  rspec-rails (= 1.3.3)
  rvm-capistrano (= 1.2.7)
  sass
  searchlogic (= 2.4.27)
  state_machine (= 0.9.4)
  test-unit (= 1.2.3)
  tiny_tds (= 0.6.3.rc2)
  validation_reflection (= 0.3.8)
  vestal_versions (= 1.0.2)
  will_paginate (= 2.3.14)
